GEM
  remote: https://rubygems.org/
  specs:
    celluloid (0.17.3)
      celluloid-essentials
      celluloid-extras
      celluloid-fsm
      celluloid-pool
      celluloid-supervision
      timers (>= 4.1.1)
    celluloid-essentials (0.20.5)
      timers (>= 4.1.1)
    celluloid-extras (0.20.5)
      timers (>= 4.1.1)
    celluloid-fsm (0.20.5)
      timers (>= 4.1.1)
    celluloid-pmap (0.2.2)
      celluloid (>= 0.16)
    celluloid-pool (0.20.5)
      timers (>= 4.1.1)
    celluloid-supervision (0.20.5)
      timers (>= 4.1.1)
    hitimes (1.2.4)
    mini_portile2 (2.0.0)
    nokogiri (1.6.7.2)
      mini_portile2 (~> 2.0.0.rc2)
    paint (1.0.1)
    redis (3.3.0)
    ruby-progressbar (1.8.1)
    thor (0.19.1)
    timers (4.1.1)
      hitimes
    zip (2.0.2)

PLATFORMS
  ruby

DEPENDENCIES
  celluloid
  celluloid-pmap
  nokogiri
  paint
  redis
  ruby-progressbar
  thor
  zip

BUNDLED WITH
   1.10.6
